PATH
  remote: /Users/dlaw/dev/wukong_og
  specs:
    wukong (2.1.1)
      addressable
      configliere (>= 0.4.16)
      extlib
      gorillib
      home_run
      htmlentities
      multi_json (>= 1.1)

GEM
  remote: http://rubygems.org/
  specs:
    addressable (2.3.2)
    configliere (0.4.18)
      highline (>= 1.5.2)
      multi_json (>= 1.1)
    extlib (0.9.16)
    gorillib (0.5.0)
      configliere (>= 0.4.13)
      json
      multi_json (>= 1.1)
    highline (1.6.15)
    home_run (1.0.7)
    htmlentities (4.3.1)
    json (1.7.6)
    multi_json (1.5.0)

PLATFORMS
  ruby

DEPENDENCIES
  wukong!
