PATH
  remote: /home/dlaw/dev/gorillib
  specs:
    gorillib (0.4.2pre)
      multi_json (>= 1.1)

PATH
  remote: /home/dlaw/dev/wukong_og
  specs:
    wukong (2.1.1)
      addressable
      configliere (>= 0.4.16)
      extlib
      gorillib
      home_run
      htmlentities
      multi_json (>= 1.1)

GEM
  remote: http://rubygems.org/
  specs:
    addressable (2.3.2)
    coderay (1.0.7)
    configliere (0.4.18)
      highline (>= 1.5.2)
      multi_json (>= 1.1)
    extlib (0.9.15)
    highline (1.6.15)
    home_run (1.0.7)
    htmlentities (4.3.1)
    method_source (0.8)
    multi_json (1.5.0)
    pry (0.9.10)
      coderay (~> 1.0.5)
      method_source (~> 0.8)
      slop (~> 3.3.1)
    slop (3.3.3)

PLATFORMS
  ruby

DEPENDENCIES
  gorillib!
  pry
  wukong!
